GIT
  remote: git://github.com/alexdunae/validates_email_format_of.git
  revision: c060fc48255238c78c6b8ce89b321920372b2c86
  specs:
    validates_email_format_of (1.4.4)

GIT
  remote: git://github.com/sferik/rails_admin.git
  revision: ebbe21cd4fd8b1da57b2b618d5b0242efc833c09
  specs:
    rails_admin (0.0.1)
      builder (~> 2.1.0)
      rails (~> 3.0.6)

GEM
  remote: http://rubygems.org/
  specs:
    Saikuro (1.1.0)
    abstract (1.0.0)
    actionmailer (3.0.16)
      actionpack (= 3.0.16)
      mail (~> 2.2.19)
    actionpack (3.0.16)
      activemodel (= 3.0.16)
      activesupport (= 3.0.16)
      builder (~> 2.1.2)
      erubis (~> 2.6.6)
      i18n (~> 0.5.0)
      rack (~> 1.2.5)
      rack-mount (~> 0.6.14)
      rack-test (~> 0.5.7)
      tzinfo (~> 0.3.23)
    activemodel (3.0.16)
      activesupport (= 3.0.16)
      builder (~> 2.1.2)
      i18n (~> 0.5.0)
    activerecord (3.0.16)
      activemodel (= 3.0.16)
      activesupport (= 3.0.16)
      arel (~> 2.0.10)
      tzinfo (~> 0.3.23)
    activeresource (3.0.16)
      activemodel (= 3.0.16)
      activesupport (= 3.0.16)
    activesupport (3.0.16)
    addressable (2.3.2)
    arel (2.0.10)
    awesome_print (1.0.2)
    bcrypt-ruby (2.1.4)
    builder (2.1.2)
    capistrano (2.5.19)
      highline
      net-scp (>= 1.0.0)
      net-sftp (>= 2.0.0)
      net-ssh (>= 2.0.14)
      net-ssh-gateway (>= 1.0.0)
    capybara (0.4.1.2)
      celerity (>= 0.7.9)
      culerity (>= 0.2.4)
      mime-types (>= 1.16)
      nokogiri (>= 1.3.3)
      rack (>= 1.0.0)
      rack-test (>= 0.5.4)
      selenium-webdriver (>= 0.0.27)
      xpath (~> 0.1.3)
    celerity (0.8.8)
    childprocess (0.3.4)
      ffi (~> 1.0, >= 1.0.6)
    chronic (0.3.0)
    chunky_png (1.2.5)
    churn (0.0.13)
      chronic (>= 0.2.3)
      hirb
      json_pure
      main
      ruby_parser (~> 2.0.4)
      sexp_processor (~> 3.0.3)
    colored (1.2)
    compass (0.12.2)
      chunky_png (~> 1.2)
      fssm (>= 0.2.7)
      sass (~> 3.1)
    compass-rails (1.0.3)
      compass (>= 0.12.2, < 0.14)
    crack (0.1.8)
    cucumber (1.2.1)
      builder (>= 2.1.2)
      diff-lcs (>= 1.1.3)
      gherkin (~> 2.11.0)
      json (>= 1.4.6)
    cucumber-rails (0.4.1)
      cucumber (>= 0.10.1)
      nokogiri (>= 1.4.4)
      rack-test (>= 0.5.7)
    culerity (0.2.15)
    database_cleaner (0.6.2)
    devise (1.1.5)
      bcrypt-ruby (~> 2.1.2)
      warden (~> 1.0.2)
    diff-lcs (1.1.3)
    email_spec (1.1.1)
      rspec (~> 2.0)
    erubis (2.6.6)
      abstract (>= 1.0.0)
    exception_notification (2.6.1)
      actionmailer (>= 3.0.4)
    factory_girl (1.3.3)
    factory_girl_rails (1.0.1)
      factory_girl (~> 1.3)
      railties (>= 3.0.0)
    fancy-buttons (1.2.0)
      compass (>= 0.11)
    ffi (1.1.2)
    flay (1.4.3)
      ruby_parser (~> 2.0)
      sexp_processor (~> 3.0)
    flog (2.5.3)
      ruby_parser (~> 2.0)
      sexp_processor (~> 3.0)
    foreigner (0.9.1)
    formtastic (2.2.1)
      actionpack (>= 3.0)
    fssm (0.2.9)
    geokit (1.5.0)
    gherkin (2.11.0)
      json (>= 1.4.6)
    haml (3.1.6)
    highline (1.6.1)
    hirb (0.7.0)
    httparty (0.7.3)
      crack (= 0.1.8)
    i18n (0.5.0)
    json (1.7.4)
    json_pure (1.7.4)
    libwebsocket (0.1.5)
      addressable
    mail (2.2.19)
      activesupport (>= 2.3.6)
      i18n (>= 0.4.0)
      mime-types (~> 1.16)
      treetop (~> 1.4.8)
    main (4.7.1)
    memcached (1.4.3)
    metric_fu (2.1.1)
      Saikuro (>= 1.1.0)
      activesupport (>= 2.0.0)
      chronic (~> 0.3.0)
      churn (>= 0.0.7)
      flay (>= 1.2.1)
      flog (>= 2.3.0)
      rails_best_practices (>= 0.6.4)
      rcov (>= 0.8.3.3)
      reek (>= 1.2.6)
      roodi (>= 2.1.0)
      syntax
    mime-types (1.19)
    multi_json (1.3.6)
    mysql (2.8.1)
    net-scp (1.0.4)
      net-ssh (>= 1.99.1)
    net-sftp (2.0.5)
      net-ssh (>= 2.0.9)
    net-ssh (2.1.0)
    net-ssh-gateway (1.0.1)
      net-ssh (>= 1.99.1)
    nokogiri (1.4.4)
    polyglot (0.3.3)
    progressbar (0.11.0)
    rack (1.2.5)
    rack-mount (0.6.14)
      rack (>= 1.0.0)
    rack-test (0.5.7)
      rack (>= 1.0)
    rack-throttle (0.3.0)
      rack (>= 1.0.0)
    rails (3.0.16)
      actionmailer (= 3.0.16)
      actionpack (= 3.0.16)
      activerecord (= 3.0.16)
      activeresource (= 3.0.16)
      activesupport (= 3.0.16)
      bundler (~> 1.0)
      railties (= 3.0.16)
    rails-geocoder (0.9.8)
    rails_best_practices (1.10.1)
      activesupport
      awesome_print
      colored
      erubis
      i18n
      progressbar
      sexp_processor
    railties (3.0.16)
      actionpack (= 3.0.16)
      activesupport (= 3.0.16)
      rake (>= 0.8.7)
      rdoc (~> 3.4)
      thor (~> 0.14.4)
    rake (0.9.2.2)
    rcov (1.0.0)
    rdoc (3.12)
      json (~> 1.4)
    reek (1.2.12)
      ripper_ruby_parser (~> 0.0.7)
      ruby2ruby (~> 1.2.5)
      ruby_parser (~> 2.0)
      sexp_processor (~> 3.0)
    riddle (1.5.2)
    ripper_ruby_parser (0.0.8)
      sexp_processor (~> 3.0)
    roodi (2.1.0)
      ruby_parser
    rspec (2.5.0)
      rspec-core (~> 2.5.0)
      rspec-expectations (~> 2.5.0)
      rspec-mocks (~> 2.5.0)
    rspec-core (2.5.1)
    rspec-expectations (2.5.0)
      diff-lcs (~> 1.1.2)
    rspec-mocks (2.5.0)
    rspec-rails (2.5.0)
      actionpack (~> 3.0)
      activesupport (~> 3.0)
      railties (~> 3.0)
      rspec (~> 2.5.0)
    ruby2ruby (1.2.5)
      ruby_parser (~> 2.0)
      sexp_processor (~> 3.0)
    ruby_parser (2.0.6)
      sexp_processor (~> 3.0)
    rubyzip (0.9.9)
    rvm-capistrano (1.2.5)
      capistrano (>= 2.0.0)
    sanitize (2.0.3)
      nokogiri (>= 1.4.4, < 1.6)
    sass (3.1.20)
    selenium-webdriver (2.25.0)
      childprocess (>= 0.2.5)
      libwebsocket (~> 0.1.3)
      multi_json (~> 1.0)
      rubyzip
    sexp_processor (3.0.10)
    smurf (1.0.4)
    syntax (1.0.0)
    thinking-sphinx (2.0.12)
      activerecord (>= 3.0.3)
      builder (>= 2.1.2)
      riddle (>= 1.5.2)
    thor (0.14.6)
    treetop (1.4.10)
      polyglot
      polyglot (>= 0.3.1)
    tzinfo (0.3.33)
    warden (1.0.3)
      rack (>= 1.0.0)
    webrat (0.7.3)
      nokogiri (>= 1.2.0)
      rack (>= 1.0)
      rack-test (>= 0.5.3)
    will_paginate (3.0.3)
    xpath (0.1.3)
      nokogiri (~> 1.3)

PLATFORMS
  ruby

DEPENDENCIES
  capistrano
  capybara
  compass-rails
  cucumber-rails
  database_cleaner
  devise
  email_spec
  exception_notification
  factory_girl_rails
  fancy-buttons
  foreigner
  formtastic
  geokit
  haml
  httparty
  memcached
  metric_fu
  mysql
  nokogiri
  rack-throttle
  rails (= 3.0.16)
  rails-geocoder
  rails_admin!
  rake
  rspec-rails (~> 2.4)
  rvm-capistrano
  sanitize
  smurf
  thinking-sphinx
  validates_email_format_of!
  webrat
  will_paginate
