GEM
  remote: http://gemcutter.org/
  remote: http://gems.github.com/
  specs:
    abstract (1.0.0)
    actionmailer (2.3.10)
      actionpack (= 2.3.10)
    actionpack (2.3.10)
      activesupport (= 2.3.10)
      rack (~> 1.1.0)
    activerecord (2.3.10)
      activesupport (= 2.3.10)
    activeresource (2.3.10)
      activesupport (= 2.3.10)
    activesupport (2.3.10)
    after_commit (1.0.8)
      activerecord (< 3.0.0)
    builder (3.0.0)
    compass (0.10.6)
      haml (>= 3.0.4)
    crack (0.1.8)
    cucumber (0.10.0)
      builder (>= 2.1.2)
      diff-lcs (~> 1.1.2)
      gherkin (~> 2.3.2)
      json (~> 1.4.6)
      term-ansicolor (~> 1.0.5)
    cucumber-rails (0.3.2)
      cucumber (>= 0.8.0)
    database_cleaner (0.6.0)
    diff-lcs (1.1.2)
    email_spec (0.6.5)
    erubis (2.6.6)
      abstract (>= 1.0.0)
    factory_girl (1.2.4)
    fancy-buttons (1.0.6)
      compass (= 0.10.6)
    foreigner (0.9.1)
    formtastic (1.1.0)
      actionpack (>= 2.3.0)
      activesupport (>= 2.3.0)
      i18n (>= 0.4.0)
    geokit (1.5.0)
    gherkin (2.3.3)
      json (~> 1.4.6)
    haml (3.0.25)
    httparty (0.7.3)
      crack (= 0.1.8)
    i18n (0.5.0)
    jaap3-addthis (0.8.0)
    json (1.4.6)
    mysql (2.8.1)
    nokogiri (1.4.4)
    rack (1.1.0)
    rack-test (0.5.7)
      rack (>= 1.0)
    rails (2.3.10)
      actionmailer (= 2.3.10)
      actionpack (= 2.3.10)
      activerecord (= 2.3.10)
      activeresource (= 2.3.10)
      activesupport (= 2.3.10)
      rake (>= 0.8.3)
    rails-geocoder (0.9.6)
    rails_xss (0.1.3)
    rake (0.8.7)
    riddle (1.2.2)
    rspec (1.3.1)
    rspec-rails (1.3.3)
      rack (>= 1.0.0)
      rspec (= 1.3.1)
    smurf (1.0.4)
    term-ansicolor (1.0.5)
    thinking-sphinx (1.3.20)
      activerecord (>= 1.15.6, < 3.0.0)
      after_commit (>= 1.0.6)
      riddle (>= 1.0.10)
    validates_email_format_of (1.4.5)
    webrat (0.7.3)
      nokogiri (>= 1.2.0)
      rack (>= 1.0)
      rack-test (>= 0.5.3)
    will_paginate (2.3.15)

PLATFORMS
  ruby

DEPENDENCIES
  compass (>= 0.10.6)
  cucumber-rails (>= 0.2.4)
  database_cleaner (>= 0.4.3)
  email_spec (< 1.0.0)
  erubis
  factory_girl (= 1.2.4)
  fancy-buttons
  foreigner
  formtastic (~> 1.1.0)
  geokit
  haml
  httparty
  i18n (>= 0.4.0)
  jaap3-addthis
  mysql
  nokogiri
  rails (= 2.3.10)
  rails-geocoder
  rails_xss
  rspec-rails (~> 1.3.2)
  smurf
  thinking-sphinx (~> 1.3.11)
  validates_email_format_of
  webrat (>= 0.6.0)
  will_paginate (~> 2.3.11)
